GEM
  remote: https://rubygems.org/
  specs:
    ast (2.3.0)
    backports (3.6.8)
    builder (3.2.2)
    cookstyle (0.0.1)
      rubocop (= 0.39.0)
    cucumber-core (2.0.0)
      backports (~> 3.6)
      gherkin (~> 4.0)
    diff-lcs (1.2.5)
    docile (1.1.5)
    erubis (2.7.0)
    foodcritic (7.1.0)
      cucumber-core (>= 1.3)
      erubis
      nokogiri (>= 1.5, < 2.0)
      rake
      rufus-lru (~> 1.0)
      treetop (~> 1.4)
      yajl-ruby (~> 1.1)
    gherkin (4.0.0)
    json (2.0.2)
    mini_portile (0.5.3)
    nokogiri (1.6.1)
      mini_portile (~> 0.5.0)
    parser (2.3.1.2)
      ast (~> 2.2)
    polyglot (0.3.5)
    powerpack (0.1.1)
    rainbow (2.1.0)
    rake (11.2.2)
    rspec (3.5.0)
      rspec-core (~> 3.5.0)
      rspec-expectations (~> 3.5.0)
      rspec-mocks (~> 3.5.0)
    rspec-core (3.5.3)
      rspec-support (~> 3.5.0)
    rspec-expectations (3.5.0)
      diff-lcs (>= 1.2.0, < 2.0)
      rspec-support (~> 3.5.0)
    rspec-mocks (3.5.0)
      diff-lcs (>= 1.2.0, < 2.0)
      rspec-support (~> 3.5.0)
    rspec-support (3.5.0)
    rspec_junit_formatter (0.2.3)
      builder (< 4)
      rspec-core (>= 2, < 4, != 2.12.0)
    rubocop (0.39.0)
      parser (>= 2.3.0.7, < 3.0)
      powerpack (~> 0.1)
      rainbow (>= 1.99.1, < 3.0)
      ruby-progressbar (~> 1.7)
      unicode-display_width (~> 1.0, >= 1.0.1)
    ruby-progressbar (1.8.1)
    rufus-lru (1.1.0)
    simplecov (0.12.0)
      docile (~> 1.1.0)
      json (>= 1.8, < 3)
      simplecov-html (~> 0.10.0)
    simplecov-cobertura (1.1.0)
      simplecov (~> 0.8)
    simplecov-html (0.10.0)
    treetop (1.6.8)
      polyglot (~> 0.3)
    unicode-display_width (1.1.1)
    yajl-ruby (1.2.1)

PLATFORMS
  ruby

DEPENDENCIES
  cookstyle
  foodcritic
  nokogiri (= 1.6.1)
  rspec
  rspec_junit_formatter
  simplecov
  simplecov-cobertura

BUNDLED WITH
   1.12.5
